PATH
  remote: .
  specs:
    handsomefencer-environment (0.1.1)

GEM
  remote: https://rubygems.org/
  specs:
    byebug (10.0.2)
    diff-lcs (1.2.5)
    ffi (1.9.25)
    guard (0.10.0)
      ffi (>= 0.5.0)
      thor (~> 0.14.6)
    guard-minitest (0.5.0)
      guard (>= 0.4)
    minitest (5.11.3)
    minitest-given (0.1.pre)
      minitest (>= 4.4.0)
      wrong (>= 0.6.3)
    predicated (0.2.6)
    rake (10.5.0)
    rb-readline (0.5.5)
    ruby2ruby (2.4.1)
      ruby_parser (~> 3.1)
      sexp_processor (~> 4.6)
    ruby_parser (3.11.0)
      sexp_processor (~> 4.9)
    sexp_processor (4.11.0)
    thor (0.14.6)
    wrong (0.7.1)
      diff-lcs (~> 1.2.5)
      predicated (~> 0.2.6)
      ruby2ruby (>= 2.0.1)
      ruby_parser (>= 3.0.1)
      sexp_processor (>= 4.0)

PLATFORMS
  ruby

DEPENDENCIES
  bundler (~> 1.16)
  byebug (= 10.0.2)
  guard (~> 0)
  guard-minitest (~> 0)
  handsomefencer-environment!
  minitest (~> 5.0)
  minitest-given (~> 0)
  rake (~> 10.0)
  rb-readline (~> 0)

BUNDLED WITH
   1.16.3
