PATH
  remote: .
  specs:
    handsomefencer-environment (0.2.0)

GEM
  remote: https://rubygems.org/
  specs:
    byebug (10.0.2)
    coderay (1.1.2)
    ffi (1.9.25)
    formatador (0.2.5)
    given_core (3.8.0)
      sorcerer (>= 0.3.7)
    guard (2.14.2)
      formatador (>= 0.2.4)
      listen (>= 2.7, < 4.0)
      lumberjack (>= 1.0.12, < 2.0)
      nenv (~> 0.1)
      notiffany (~> 0.0)
      pry (>= 0.9.12)
      shellany (~> 0.0)
      thor (>= 0.18.1)
    guard-compat (1.2.1)
    guard-minitest (2.4.6)
      guard-compat (~> 1.2)
      minitest (>= 3.0)
    listen (3.1.5)
      rb-fsevent (~> 0.9, >= 0.9.4)
      rb-inotify (~> 0.9, >= 0.9.7)
      ruby_dep (~> 1.2)
    lumberjack (1.0.13)
    method_source (0.9.0)
    minitest (5.11.3)
    minitest-given (3.8.0)
      given_core (= 3.8.0)
      minitest (> 4.3)
    nenv (0.3.0)
    notiffany (0.1.1)
      nenv (~> 0.1)
      shellany (~> 0.0)
    pry (0.11.3)
      coderay (~> 1.1.0)
      method_source (~> 0.9.0)
    rake (12.3.1)
    rb-fsevent (0.10.3)
    rb-inotify (0.9.10)
      ffi (>= 0.5.0, < 2)
    rb-readline (0.5.5)
    ruby_dep (1.5.0)
    shellany (0.0.1)
    sorcerer (1.0.2)
    thor (0.20.0)

PLATFORMS
  ruby

DEPENDENCIES
  bundler
  byebug
  guard
  guard-minitest
  handsomefencer-environment!
  minitest
  minitest-given
  rake
  rb-readline

BUNDLED WITH
   1.16.3
